PATH
  remote: .
  specs:
    moran (0.8)
      motion-gradle (~> 2.0)

GEM
  remote: https://rubygems.org/
  specs:
    bacon (1.2.0)
    motion-gradle (2.0.1)
    rake (10.4.2)

PLATFORMS
  ruby

DEPENDENCIES
  bacon
  moran!
  motion-gradle
  rake

BUNDLED WITH
   1.10.6
