PATH
  remote: .
  specs:
    moran (0.5)
      motion-gradle

GEM
  remote: https://rubygems.org/
  specs:
    bacon (1.2.0)
    motion-gradle (1.0.3)
    rake (10.4.2)

PLATFORMS
  ruby

DEPENDENCIES
  bacon
  moran!
  motion-gradle
  rake
